PATH
  remote: .
  specs:
    rulers (0.6.0)
      erubis (~> 2.7)
      multi_json (~> 1.15)
      rack (~> 2.2)

GEM
  remote: https://rubygems.org/
  specs:
    erubis (2.7.0)
    minitest (5.15.0)
    multi_json (1.15.0)
    rack (2.2.3)
    rack-test (1.1.0)
      rack (>= 1.0, < 3)
    rake (10.5.0)

PLATFORMS
  arm64-darwin-21
  x86_64-darwin-19

DEPENDENCIES
  bundler (~> 2.2)
  minitest (~> 5.15)
  rack-test (~> 1.1)
  rake (~> 10.0)
  rulers!

BUNDLED WITH
   2.3.6
